PATH
  remote: .
  specs:
    fake_net_ldap (0.0.1)
      net-ldap

GEM
  remote: http://rubygems.org/
  specs:
    diff-lcs (1.1.2)
    net-ldap (0.2.2)
    rspec (2.6.0)
      rspec-core (~> 2.6.0)
      rspec-expectations (~> 2.6.0)
      rspec-mocks (~> 2.6.0)
    rspec-core (2.6.4)
    rspec-expectations (2.6.0)
      diff-lcs (~> 1.1.2)
    rspec-mocks (2.6.0)

PLATFORMS
  ruby

DEPENDENCIES
  fake_net_ldap!
  rspec
